GEM
  remote: https://rubygems.org/
  specs:
    glorify (0.3.0)
      nokogiri
      pygments.rb
      redcarpet (~> 2.0)
      sinatra
    haml (3.1.7)
    nokogiri (1.5.6)
    posix-spawn (0.3.6)
    pygments.rb (0.3.4)
      posix-spawn (~> 0.3.6)
      yajl-ruby (~> 1.1.0)
    rack (1.4.1)
    rack-protection (1.3.2)
      rack
    redcarpet (2.2.2)
    sass (3.2.4)
    sinatra (1.3.3)
      rack (~> 1.3, >= 1.3.6)
      rack-protection (~> 1.2)
      tilt (~> 1.3, >= 1.3.3)
    tilt (1.3.3)
    yajl-ruby (1.1.0)

PLATFORMS
  ruby

DEPENDENCIES
  glorify
  haml
  sass
  sinatra
